GEM
  remote: https://rubygems.org/
  specs:
    actioncable (6.1.4)
      actionpack (= 6.1.4)
      activesupport (= 6.1.4)
      nio4r (~> 2.0)
      websocket-driver (>= 0.6.1)
    actionmailbox (6.1.4)
      actionpack (= 6.1.4)
      activejob (= 6.1.4)
      activerecord (= 6.1.4)
      activestorage (= 6.1.4)
      activesupport (= 6.1.4)
      mail (>= 2.7.1)
    actionmailer (6.1.4)
      actionpack (= 6.1.4)
      actionview (= 6.1.4)
      activejob (= 6.1.4)
      activesupport (= 6.1.4)
      mail (~> 2.5, >= 2.5.4)
      rails-dom-testing (~> 2.0)
    actionpack (6.1.4)
      actionview (= 6.1.4)
      activesupport (= 6.1.4)
      rack (~> 2.0, >= 2.0.9)
      rack-test (>= 0.6.3)
      rails-dom-testing (~> 2.0)
      rails-html-sanitizer (~> 1.0, >= 1.2.0)
    actiontext (6.1.4)
      actionpack (= 6.1.4)
      activerecord (= 6.1.4)
      activestorage (= 6.1.4)
      activesupport (= 6.1.4)
      nokogiri (>= 1.8.5)
    actionview (6.1.4)
      activesupport (= 6.1.4)
      builder (~> 3.1)
      erubi (~> 1.4)
      rails-dom-testing (~> 2.0)
      rails-html-sanitizer (~> 1.1, >= 1.2.0)
    activejob (6.1.4)
      activesupport (= 6.1.4)
      globalid (>= 0.3.6)
    activemodel (6.1.4)
      activesupport (= 6.1.4)
    activerecord (6.1.4)
      activemodel (= 6.1.4)
      activesupport (= 6.1.4)
    activestorage (6.1.4)
      actionpack (= 6.1.4)
      activejob (= 6.1.4)
      activerecord (= 6.1.4)
      activesupport (= 6.1.4)
      marcel (~> 1.0.0)
      mini_mime (>= 1.1.0)
    activesupport (6.1.4)
      concurrent-ruby (~> 1.0, >= 1.0.2)
      i18n (>= 1.6, < 2)
      minitest (>= 5.1)
      tzinfo (~> 2.0)
      zeitwerk (~> 2.3)
    ast (2.4.2)
    awesome_print (1.9.2)
    bond (0.5.1)
    bootsnap (1.7.5)
      msgpack (~> 1.0)
    builder (3.2.4)
    byebug (11.1.3)
    childprocess (4.1.0)
    coderay (1.1.3)
    colorize (0.8.1)
    concurrent-ruby (1.1.9)
    crass (1.0.6)
    database_cleaner (1.99.0)
    diff-lcs (1.4.4)
    dry-configurable (0.12.1)
      concurrent-ruby (~> 1.0)
      dry-core (~> 0.5, >= 0.5.0)
    dry-container (0.8.0)
      concurrent-ruby (~> 1.0)
      dry-configurable (~> 0.1, >= 0.1.3)
    dry-core (0.6.0)
      concurrent-ruby (~> 1.0)
    dry-inflector (0.2.1)
    dry-logic (1.2.0)
      concurrent-ruby (~> 1.0)
      dry-core (~> 0.5, >= 0.5)
    dry-types (1.5.1)
      concurrent-ruby (~> 1.0)
      dry-container (~> 0.3)
      dry-core (~> 0.5, >= 0.5)
      dry-inflector (~> 0.1, >= 0.1.2)
      dry-logic (~> 1.0, >= 1.0.2)
    erubi (1.10.0)
    erubis (2.7.0)
    factory_bot (5.2.0)
      activesupport (>= 4.2.0)
    factory_bot_rails (5.2.0)
      factory_bot (~> 5.2.0)
      railties (>= 4.2.0)
    faker (2.18.0)
      i18n (>= 1.6, < 2)
    fasterer (0.9.0)
      colorize (~> 0.7)
      ruby_parser (>= 3.14.1)
    ffi (1.15.3)
    flay (2.12.1)
      erubis (~> 2.7.0)
      path_expander (~> 1.0)
      ruby_parser (~> 3.0)
      sexp_processor (~> 4.0)
    globalid (0.4.2)
      activesupport (>= 4.2.0)
    graphiti (1.2.44)
      activesupport (>= 4.1)
      concurrent-ruby (~> 1.0)
      dry-types (>= 0.15.0, < 2.0)
      graphiti_errors (~> 1.1.0)
      jsonapi-renderer (~> 0.2, >= 0.2.2)
      jsonapi-serializable (~> 0.3.0)
    graphiti_errors (1.1.2)
      jsonapi-serializable (~> 0.1)
    graphiti_spec_helpers (1.0.5)
      graphiti (>= 1.0.alpha.1)
      rspec (~> 3.0)
    i18n (1.8.10)
      concurrent-ruby (~> 1.0)
    iniparse (1.5.0)
    interactive_editor (0.0.11)
      spoon (>= 0.0.1)
    jsonapi-renderer (0.2.2)
    jsonapi-serializable (0.3.1)
      jsonapi-renderer (~> 0.2.0)
    listen (3.5.1)
      rb-fsevent (~> 0.10, >= 0.10.3)
      rb-inotify (~> 0.9, >= 0.9.10)
    loofah (2.10.0)
      crass (~> 1.0.2)
      nokogiri (>= 1.5.9)
    mail (2.7.1)
      mini_mime (>= 0.1.1)
    marcel (1.0.1)
    method_source (1.0.0)
    mini_mime (1.1.0)
    minitest (5.14.4)
    msgpack (1.4.2)
    nio4r (2.5.7)
    nokogiri (1.11.7-x86_64-darwin)
      racc (~> 1.4)
    oj (3.12.0)
    overcommit (0.58.0)
      childprocess (>= 0.6.3, < 5)
      iniparse (~> 1.4)
      rexml (~> 3.2)
    parallel (1.20.1)
    parser (3.0.1.1)
      ast (~> 2.4.1)
    path_expander (1.1.0)
    pry (0.13.1)
      coderay (~> 1.1)
      method_source (~> 1.0)
    pry-bond (0.0.1)
      bond (~> 0.5)
      rb-readline (~> 0.5)
    pry-byebug (3.9.0)
      byebug (~> 11.0)
      pry (~> 0.13.0)
    puma (5.3.2)
      nio4r (~> 2.0)
    racc (1.5.2)
    rack (2.2.3)
    rack-test (1.1.0)
      rack (>= 1.0, < 3)
    rails (6.1.4)
      actioncable (= 6.1.4)
      actionmailbox (= 6.1.4)
      actionmailer (= 6.1.4)
      actionpack (= 6.1.4)
      actiontext (= 6.1.4)
      actionview (= 6.1.4)
      activejob (= 6.1.4)
      activemodel (= 6.1.4)
      activerecord (= 6.1.4)
      activestorage (= 6.1.4)
      activesupport (= 6.1.4)
      bundler (>= 1.15.0)
      railties (= 6.1.4)
      sprockets-rails (>= 2.0.0)
    rails-dom-testing (2.0.3)
      activesupport (>= 4.2.0)
      nokogiri (>= 1.6)
    rails-html-sanitizer (1.3.0)
      loofah (~> 2.3)
    railties (6.1.4)
      actionpack (= 6.1.4)
      activesupport (= 6.1.4)
      method_source
      rake (>= 0.13)
      thor (~> 1.0)
    rainbow (3.0.0)
    rake (13.0.4)
    rb-fsevent (0.11.0)
    rb-inotify (0.10.1)
      ffi (~> 1.0)
    rb-readline (0.5.5)
    regexp_parser (2.1.1)
    rexml (3.2.5)
    rspec (3.10.0)
      rspec-core (~> 3.10.0)
      rspec-expectations (~> 3.10.0)
      rspec-mocks (~> 3.10.0)
    rspec-core (3.10.1)
      rspec-support (~> 3.10.0)
    rspec-expectations (3.10.1)
      diff-lcs (>= 1.2.0, < 2.0)
      rspec-support (~> 3.10.0)
    rspec-mocks (3.10.2)
      diff-lcs (>= 1.2.0, < 2.0)
      rspec-support (~> 3.10.0)
    rspec-rails (4.0.2)
      actionpack (>= 4.2)
      activesupport (>= 4.2)
      railties (>= 4.2)
      rspec-core (~> 3.10)
      rspec-expectations (~> 3.10)
      rspec-mocks (~> 3.10)
      rspec-support (~> 3.10)
    rspec-support (3.10.2)
    rubocop (1.18.3)
      parallel (~> 1.10)
      parser (>= 3.0.0.0)
      rainbow (>= 2.2.2, < 4.0)
      regexp_parser (>= 1.8, < 3.0)
      rexml
      rubocop-ast (>= 1.7.0, < 2.0)
      ruby-progressbar (~> 1.7)
      unicode-display_width (>= 1.4.0, < 3.0)
    rubocop-ast (1.7.0)
      parser (>= 3.0.1.1)
    rubocop-performance (1.11.4)
      rubocop (>= 1.7.0, < 2.0)
      rubocop-ast (>= 0.4.0)
    rubocop-rails (2.11.2)
      activesupport (>= 4.2.0)
      rack (>= 1.1)
      rubocop (>= 1.7.0, < 2.0)
    rubocop-rspec (2.4.0)
      rubocop (~> 1.0)
      rubocop-ast (>= 1.1.0)
    ruby-progressbar (1.11.0)
    ruby_parser (3.16.0)
      sexp_processor (~> 4.15, >= 4.15.1)
    sass-rails (6.0.0)
      sassc-rails (~> 2.1, >= 2.1.1)
    sassc (2.4.0)
      ffi (~> 1.9)
    sassc-rails (2.1.2)
      railties (>= 4.0.0)
      sassc (>= 2.0)
      sprockets (> 3.0)
      sprockets-rails
      tilt
    sexp_processor (4.15.3)
    spoon (0.0.6)
      ffi
    spring (2.1.1)
    sprockets (4.0.2)
      concurrent-ruby (~> 1.0)
      rack (> 1, < 3)
    sprockets-rails (3.2.2)
      actionpack (>= 4.0)
      activesupport (>= 4.0)
      sprockets (>= 3.0.0)
    sqlite3 (1.4.2)
    thor (1.1.0)
    tilt (2.0.10)
    tzinfo (2.0.4)
      concurrent-ruby (~> 1.0)
    unicode-display_width (2.0.0)
    websocket-driver (0.7.5)
      websocket-extensions (>= 0.1.0)
    websocket-extensions (0.1.5)
    zeitwerk (2.4.2)

PLATFORMS
  x86_64-darwin-20

DEPENDENCIES
  activesupport
  awesome_print
  bond
  bootsnap (>= 1.4.4)
  byebug
  colorize
  database_cleaner (~> 1.7)
  factory_bot_rails (~> 5.0)
  faker (~> 2.5)
  fasterer
  flay
  graphiti_spec_helpers
  interactive_editor
  listen (~> 3.3)
  oj
  overcommit
  pry-bond
  pry-byebug
  puma (~> 5.0)
  rails (~> 6.1.4)
  rspec
  rspec-rails (~> 4.0.0beta2)
  rubocop-performance
  rubocop-rails
  rubocop-rspec
  sass-rails (>= 6)
  spring
  sqlite3 (~> 1.4)
  tzinfo-data
  zeitwerk

RUBY VERSION
   ruby 3.0.1p64

BUNDLED WITH
   2.2.22
